PATH
  remote: .
  specs:
    ractive_assets (0.0.17)
      execjs (>= 2.0.2)
      multi_json
      sprockets
      tilt

GEM
  remote: https://rubygems.org/
  specs:
    byebug (3.5.1)
      columnize (~> 0.8)
      debugger-linecache (~> 1.2)
      slop (~> 3.6)
    columnize (0.8.9)
    debugger-linecache (1.2.0)
    execjs (2.2.2)
    haml (4.0.5)
      tilt
    hike (1.2.3)
    json (1.8.3)
    multi_json (1.10.1)
    rack (1.5.2)
    rake (10.3.2)
    slim (2.0.2)
      temple (~> 0.6.6)
      tilt (>= 1.3.3, < 2.1)
    slop (3.6.0)
    sprockets (2.12.2)
      hike (~> 1.2)
      multi_json (~> 1.0)
      rack (~> 1.0)
      tilt (~> 1.1, != 1.3.0)
    temple (0.6.7)
    tilt (1.4.1)

PLATFORMS
  ruby

DEPENDENCIES
  byebug
  haml
  json (~> 1.8.3)
  ractive_assets!
  rake
  slim

BUNDLED WITH
   1.12.5
